GEM
  remote: https://rubygems.org/
  specs:
    haml (4.0.7)
      tilt
    sass (3.4.18)
    terminal-notifier (1.6.3)
    tilt (2.0.1)

PLATFORMS
  ruby

DEPENDENCIES
  haml
  sass
  terminal-notifier

BUNDLED WITH
   1.10.6
